GIT
  remote: git@github.com:3ofcoins/nanodoc.git
  revision: 0610e74108379e97873a62c037b895371fbe22aa
  specs:
    nanodoc (0.0.1)
      deep_merge
      haml
      kramdown
      mahoro
      micromachine
      minigit
      multi_json
      nanoc
      nokogiri
      rubypants
      thor

GEM
  remote: https://rubygems.org/
  specs:
    awesome_print (1.1.0)
    binding_of_caller (0.7.2)
      debug_inspector (>= 0.0.1)
    coderay (1.0.9)
    colored (1.2)
    columnize (0.3.6)
    cri (2.4.0)
      colored (>= 1.2)
    debug_inspector (0.0.2)
    debugger (1.6.1)
      columnize (>= 0.3.1)
      debugger-linecache (~> 1.2.0)
      debugger-ruby_core_source (~> 1.2.3)
    debugger-linecache (1.2.0)
    debugger-ruby_core_source (1.2.3)
    deep_merge (1.0.0)
    haml (4.0.3)
      tilt
    interception (0.3)
    kramdown (1.2.0)
    mahoro (0.4)
    method_source (0.8.2)
    micromachine (1.1.0)
    mini_portile (0.5.1)
    minigit (0.0.4)
    mixlib-config (1.1.2)
    multi_json (1.8.0)
    nanoc (3.6.4)
      cri (~> 2.3)
    net-ssh (2.7.0)
    nokogiri (1.6.0)
      mini_portile (~> 0.5.0)
    pry (0.9.12.2)
      coderay (~> 1.0.5)
      method_source (~> 0.8)
      slop (~> 3.4)
    pry-debugger (0.2.2)
      debugger (~> 1.3)
      pry (~> 0.9.10)
    pry-rescue (1.1.1)
      interception (>= 0.3)
      pry
    pry-stack_explorer (0.4.9.1)
      binding_of_caller (>= 0.7)
      pry (>= 0.9.11)
    rubypants (0.2.0)
    slop (3.4.6)
    thor (0.18.1)
    tilt (1.4.1)

PLATFORMS
  ruby

DEPENDENCIES
  awesome_print
  mixlib-config
  nanodoc!
  net-ssh
  pry
  pry-debugger
  pry-rescue
  pry-stack_explorer
